GEM
  remote: https://rubygems.org/
  specs:
    diff-lcs (1.5.0)
    language_server-protocol (3.17.0.1)
    prettier_print (0.1.0)
    rspec (3.11.0)
      rspec-core (~> 3.11.0)
      rspec-expectations (~> 3.11.0)
      rspec-mocks (~> 3.11.0)
    rspec-core (3.11.0)
      rspec-support (~> 3.11.0)
    rspec-expectations (3.11.0)
      diff-lcs (>= 1.2.0, < 2.0)
      rspec-support (~> 3.11.0)
    rspec-mocks (3.11.1)
      diff-lcs (>= 1.2.0, < 2.0)
      rspec-support (~> 3.11.0)
    rspec-support (3.11.0)
    ruby-lsp (0.3.2)
      language_server-protocol (~> 3.17.0)
      sorbet-runtime
      syntax_tree (>= 3.4)
    sorbet-runtime (0.5.10409)
    syntax_tree (3.5.0)
      prettier_print

PLATFORMS
  ruby

DEPENDENCIES
  rspec (~> 3.9)
  ruby-lsp (~> 0.3.2)

BUNDLED WITH
   2.3.14
